GIT
  remote: https://github.com/riboseinc/asciidoctor-iso
  revision: f09dade3af894db3a8a44f32ef193499abc6c52a
  specs:
    asciidoctor-iso (0.8.1)
      asciidoctor (~> 1.5.7)
      isobib (~> 0.1.4)
      isodoc (>= 0.7.0)
      ruby-jing

GIT
  remote: https://github.com/riboseinc/html2doc
  revision: f8bd693d8748c622bbe8f24ab30ac142b2543a0a
  specs:
    html2doc (0.8.0)
      asciimath
      htmlentities (~> 4.3.4)
      image_size
      mime-types
      nokogiri
      ruby-xslt
      thread_safe
      uuidtools

GIT
  remote: https://github.com/riboseinc/isodoc
  revision: d5ba56a61de82de41f722ee32eb3680cbcc81170
  specs:
    isodoc (0.7.0)
      asciimath
      html2doc (>= 0.7.1)
      htmlentities (~> 4.3.4)
      image_size
      liquid
      mime-types
      nokogiri
      roman-numerals
      ruby-xslt
      sass
      thread_safe
      uuidtools

GEM
  remote: https://rubygems.org/
  specs:
    algoliasearch (1.22.0)
      httpclient (~> 2.8, >= 2.8.3)
      json (>= 1.5.1)
    asciidoctor (1.5.7.1)
    asciimath (1.0.4)
    ffi (1.9.25)
    htmlentities (4.3.4)
    httpclient (2.8.3)
    image_size (2.0.0)
    iso-bib-item (0.1.5)
      isoics (~> 0.1.6)
      nokogiri
    isobib (0.1.5)
      algoliasearch
      iso-bib-item (~> 0.1.2)
    isoics (0.1.6)
    json (2.1.0)
    liquid (4.0.0)
    mime-types (3.1)
      mime-types-data (~> 3.2015)
    mime-types-data (3.2016.0521)
    mini_portile2 (2.3.0)
    nokogiri (1.8.2)
      mini_portile2 (~> 2.3.0)
    optout (0.0.2)
    rb-fsevent (0.10.3)
    rb-inotify (0.9.10)
      ffi (>= 0.5.0, < 2)
    roman-numerals (0.3.0)
    ruby-jing (0.0.1)
      optout (>= 0.0.2)
    ruby-xslt (0.9.10)
    sass (3.5.6)
      sass-listen (~> 4.0.0)
    sass-listen (4.0.0)
      rb-fsevent (~> 0.9, >= 0.9.4)
      rb-inotify (~> 0.9, >= 0.9.7)
    thread_safe (0.3.6)
    uuidtools (2.1.5)

PLATFORMS
  ruby

DEPENDENCIES
  asciidoctor-iso!
  html2doc!
  isodoc!

BUNDLED WITH
   1.16.2
